PATH
  remote: .
  specs:
    autometrics (0.0.1)
      prometheus-client

GEM
  remote: https://rubygems.org/
  specs:
    bundler-audit (0.9.1)
      bundler (>= 1.2.0, < 3)
      thor (~> 1.0)
    byebug (11.1.3)
    prometheus-client (4.0.0)
    thor (1.2.1)

PLATFORMS
  arm64-darwin-21

DEPENDENCIES
  autometrics!
  bundler (~> 2.3)
  bundler-audit
  byebug

BUNDLED WITH
   2.4.6
