PATH
  remote: ../..
  specs:
    autometrics (0.0.1)
      prometheus-client

GEM
  remote: https://rubygems.org/
  specs:
    byebug (11.1.3)
    mustermann (3.0.0)
      ruby2_keywords (~> 0.0.1)
    nio4r (2.5.8)
    prometheus-client (4.0.0)
    puma (5.6.5)
      nio4r (~> 2.0)
    rack (2.2.6.2)
    rack-protection (3.0.5)
      rack
    ruby2_keywords (0.0.5)
    sinatra (3.0.5)
      mustermann (~> 3.0)
      rack (~> 2.2, >= 2.2.4)
      rack-protection (= 3.0.5)
      tilt (~> 2.0)
    tilt (2.1.0)
    yaml (0.2.1)

PLATFORMS
  arm64-darwin-21

DEPENDENCIES
  autometrics!
  byebug (~> 11.1)
  puma
  sinatra
  yaml

BUNDLED WITH
   2.4.6
